GEM
  remote: https://rubygems.org/
  specs:
    addressable (2.7.0)
      public_suffix (>= 2.0.2, < 5.0)
    buftok (0.2.0)
    colorator (1.1.0)
    concurrent-ruby (1.1.6)
    domain_name (0.5.20190701)
      unf (>= 0.0.5, < 1.0.0)
    em-websocket (0.5.1)
      eventmachine (>= 0.12.9)
      http_parser.rb (~> 0.6.0)
    equalizer (0.0.11)
    eventmachine (1.2.7)
    ffi (1.12.2)
    ffi-compiler (1.0.1)
      ffi (>= 1.0.0)
      rake
    forwardable-extended (2.6.0)
    haml (5.1.2)
      temple (>= 0.8.0)
      tilt
    http (4.4.1)
      addressable (~> 2.3)
      http-cookie (~> 1.0)
      http-form_data (~> 2.2)
      http-parser (~> 1.2.0)
    http-cookie (1.0.3)
      domain_name (~> 0.5)
    http-form_data (2.3.0)
    http-parser (1.2.1)
      ffi-compiler (>= 1.0, < 2.0)
    http_parser.rb (0.6.0)
    i18n (1.8.2)
      concurrent-ruby (~> 1.0)
    jekyll (4.0.0)
      addressable (~> 2.4)
      colorator (~> 1.0)
      em-websocket (~> 0.5)
      i18n (>= 0.9.5, < 2)
      jekyll-sass-converter (~> 2.0)
      jekyll-watch (~> 2.0)
      kramdown (~> 2.1)
      kramdown-parser-gfm (~> 1.0)
      liquid (~> 4.0)
      mercenary (~> 0.3.3)
      pathutil (~> 0.9)
      rouge (~> 3.0)
      safe_yaml (~> 1.0)
      terminal-table (~> 1.8)
    jekyll-feed (0.13.0)
      jekyll (>= 3.7, < 5.0)
    jekyll-haml-markup (0.1.5)
      haml (~> 5.0, >= 5.0.0)
      jekyll (>= 3.0, < 5.0)
    jekyll-sass-converter (2.1.0)
      sassc (> 2.0.1, < 3.0)
    jekyll-seo-tag (2.6.1)
      jekyll (>= 3.3, < 5.0)
    jekyll-sitemap (1.4.0)
      jekyll (>= 3.7, < 5.0)
    jekyll-watch (2.2.1)
      listen (~> 3.0)
    kramdown (2.2.1)
      rexml
    kramdown-parser-gfm (1.1.0)
      kramdown (~> 2.0)
    liquid (4.0.3)
    listen (3.2.1)
      rb-fsevent (~> 0.10, >= 0.10.3)
      rb-inotify (~> 0.9, >= 0.9.10)
    memoizable (0.4.2)
      thread_safe (~> 0.3, >= 0.3.1)
    mercenary (0.3.6)
    multipart-post (2.1.1)
    naught (1.1.0)
    pathutil (0.16.2)
      forwardable-extended (~> 2.6)
    public_suffix (4.0.4)
    rake (13.0.1)
    rb-fsevent (0.10.3)
    rb-inotify (0.10.1)
      ffi (~> 1.0)
    rexml (3.2.4)
    rouge (3.18.0)
    safe_yaml (1.0.5)
    sassc (2.3.0)
      ffi (~> 1.9)
    simple_oauth (0.3.1)
    temple (0.8.2)
    terminal-table (1.8.0)
      unicode-display_width (~> 1.1, >= 1.1.1)
    thread_safe (0.3.6)
    tilt (2.0.10)
    twitter (7.0.0)
      addressable (~> 2.3)
      buftok (~> 0.2.0)
      equalizer (~> 0.0.11)
      http (~> 4.0)
      http-form_data (~> 2.0)
      http_parser.rb (~> 0.6.0)
      memoizable (~> 0.4.0)
      multipart-post (~> 2.0)
      naught (~> 1.0)
      simple_oauth (~> 0.3.0)
    tzinfo (1.2.7)
      thread_safe (~> 0.1)
    tzinfo-data (1.2020.1)
      tzinfo (>= 1.0.0)
    unf (0.1.4)
      unf_ext
    unf_ext (0.0.7.7)
    unicode-display_width (1.7.0)

PLATFORMS
  ruby

DEPENDENCIES
  jekyll (~> 4.0.0)
  jekyll-feed (~> 0.12)
  jekyll-haml-markup
  jekyll-seo-tag
  jekyll-sitemap
  twitter
  tzinfo (~> 1.2)
  tzinfo-data

BUNDLED WITH
   2.1.4
